GEM
  remote: https://rubygems.org/
  specs:
    actioncable (7.0.8.1)
      actionpack (= 7.0.8.1)
      activesupport (= 7.0.8.1)
      nio4r (~> 2.0)
      websocket-driver (>= 0.6.1)
    actionmailbox (7.0.8.1)
      actionpack (= 7.0.8.1)
      activejob (= 7.0.8.1)
      activerecord (= 7.0.8.1)
      activestorage (= 7.0.8.1)
      activesupport (= 7.0.8.1)
      mail (>= 2.7.1)
      net-imap
      net-pop
      net-smtp
    actionmailer (7.0.8.1)
      actionpack (= 7.0.8.1)
      actionview (= 7.0.8.1)
      activejob (= 7.0.8.1)
      activesupport (= 7.0.8.1)
      mail (~> 2.5, >= 2.5.4)
      net-imap
      net-pop
      net-smtp
      rails-dom-testing (~> 2.0)
    actionpack (7.0.8.1)
      actionview (= 7.0.8.1)
      activesupport (= 7.0.8.1)
      rack (~> 2.0, >= 2.2.4)
      rack-test (>= 0.6.3)
      rails-dom-testing (~> 2.0)
      rails-html-sanitizer (~> 1.0, >= 1.2.0)
    actiontext (7.0.8.1)
      actionpack (= 7.0.8.1)
      activerecord (= 7.0.8.1)
      activestorage (= 7.0.8.1)
      activesupport (= 7.0.8.1)
      globalid (>= 0.6.0)
      nokogiri (>= 1.8.5)
    actionview (7.0.8.1)
      activesupport (= 7.0.8.1)
      builder (~> 3.1)
      erubi (~> 1.4)
      rails-dom-testing (~> 2.0)
      rails-html-sanitizer (~> 1.1, >= 1.2.0)
    activejob (7.0.8.1)
      activesupport (= 7.0.8.1)
      globalid (>= 0.3.6)
    activemodel (7.0.8.1)
      activesupport (= 7.0.8.1)
    activerecord (7.0.8.1)
      activemodel (= 7.0.8.1)
      activesupport (= 7.0.8.1)
    activestorage (7.0.8.1)
      actionpack (= 7.0.8.1)
      activejob (= 7.0.8.1)
      activerecord (= 7.0.8.1)
      activesupport (= 7.0.8.1)
      marcel (~> 1.0)
      mini_mime (>= 1.1.0)
    activesupport (7.0.8.1)
      concurrent-ruby (~> 1.0, >= 1.0.2)
      i18n (>= 1.6, < 2)
      minitest (>= 5.1)
      tzinfo (~> 2.0)
    ast (2.4.2)
    better_html (2.1.1)
      actionview (>= 6.0)
      activesupport (>= 6.0)
      ast (~> 2.0)
      erubi (~> 1.4)
      parser (>= 2.4)
      smart_properties
    bindex (0.8.1)
    bootsnap (1.18.3)
      msgpack (~> 1.2)
    brakeman (5.4.1)
    builder (3.2.4)
    bundler-audit (0.9.1)
      bundler (>= 1.2.0, < 3)
      thor (~> 1.0)
    choice (0.2.0)
    climate_control (1.2.0)
    concurrent-ruby (1.2.3)
    connection_pool (2.4.1)
    crass (1.0.6)
    cssbundling-rails (1.4.0)
      railties (>= 6.0.0)
    date (3.3.4)
    debase (0.2.5.beta2)
      debase-ruby_core_source (>= 0.10.12)
    debase-ruby_core_source (3.3.1)
    debug (1.9.2)
      irb (~> 1.10)
      reline (>= 0.3.8)
    diff-lcs (1.5.1)
    dotenv (2.8.1)
    dotenv-rails (2.8.1)
      dotenv (= 2.8.1)
      railties (>= 3.2)
    erubi (1.12.0)
    globalid (1.2.1)
      activesupport (>= 6.1)
    highline (3.0.1)
    i18n (1.14.4)
      concurrent-ruby (~> 1.0)
    i18n-tasks (1.0.13)
      activesupport (>= 4.0.2)
      ast (>= 2.1.0)
      better_html (>= 1.0, < 3.0)
      erubi
      highline (>= 2.0.0)
      i18n
      parser (>= 3.2.2.1)
      rails-i18n
      rainbow (>= 2.2.2, < 4.0)
      terminal-table (>= 1.5.1)
    io-console (0.7.2)
    irb (1.12.0)
      rdoc
      reline (>= 0.4.2)
    jbuilder (2.12.0)
      actionview (>= 5.0.0)
      activesupport (>= 5.0.0)
    jsbundling-rails (1.3.0)
      railties (>= 6.0.0)
    json (2.7.2)
    language_server-protocol (3.17.0.3)
    lint_roller (1.1.0)
    loofah (2.22.0)
      crass (~> 1.0.2)
      nokogiri (>= 1.12.0)
    mail (2.8.1)
      mini_mime (>= 0.1.1)
      net-imap
      net-pop
      net-smtp
    marcel (1.0.4)
    method_source (1.1.0)
    mini_mime (1.1.5)
    minitest (5.22.3)
    msgpack (1.7.2)
    net-imap (0.4.10)
      date
      net-protocol
    net-pop (0.1.2)
      net-protocol
    net-protocol (0.2.2)
      timeout
    net-smtp (0.5.0)
      net-protocol
    newrelic_rpm (8.16.0)
    nio4r (2.7.1)
    nokogiri (1.16.4-arm64-darwin)
      racc (~> 1.4)
    nokogiri (1.16.4-x86_64-linux)
      racc (~> 1.4)
    parallel (1.24.0)
    parser (3.3.1.0)
      ast (~> 2.4.1)
      racc
    pg (1.5.6)
    psych (5.1.2)
      stringio
    puma (5.6.8)
      nio4r (~> 2.0)
    racc (1.7.3)
    rack (2.2.9)
    rack-test (2.1.0)
      rack (>= 1.3)
    rails (7.0.8.1)
      actioncable (= 7.0.8.1)
      actionmailbox (= 7.0.8.1)
      actionmailer (= 7.0.8.1)
      actionpack (= 7.0.8.1)
      actiontext (= 7.0.8.1)
      actionview (= 7.0.8.1)
      activejob (= 7.0.8.1)
      activemodel (= 7.0.8.1)
      activerecord (= 7.0.8.1)
      activestorage (= 7.0.8.1)
      activesupport (= 7.0.8.1)
      bundler (>= 1.15.0)
      railties (= 7.0.8.1)
    rails-dom-testing (2.2.0)
      activesupport (>= 5.0.0)
      minitest
      nokogiri (>= 1.6)
    rails-erd (1.7.2)
      activerecord (>= 4.2)
      activesupport (>= 4.2)
      choice (~> 0.2.0)
      ruby-graphviz (~> 1.2)
    rails-html-sanitizer (1.6.0)
      loofah (~> 2.21)
      nokogiri (~> 1.14)
    rails-i18n (7.0.9)
      i18n (>= 0.7, < 2)
      railties (>= 6.0.0, < 8)
    railties (7.0.8.1)
      actionpack (= 7.0.8.1)
      activesupport (= 7.0.8.1)
      method_source
      rake (>= 12.2)
      thor (~> 1.0)
      zeitwerk (~> 2.5)
    rainbow (3.1.1)
    rake (13.2.1)
    rdoc (6.6.3.1)
      psych (>= 4.0.0)
    redis (4.8.1)
    regexp_parser (2.9.0)
    reline (0.5.4)
      io-console (~> 0.5)
    rexml (3.2.6)
    rspec-core (3.13.0)
      rspec-support (~> 3.13.0)
    rspec-expectations (3.13.0)
      diff-lcs (>= 1.2.0, < 2.0)
      rspec-support (~> 3.13.0)
    rspec-mocks (3.13.0)
      diff-lcs (>= 1.2.0, < 2.0)
      rspec-support (~> 3.13.0)
    rspec-rails (5.1.2)
      actionpack (>= 5.2)
      activesupport (>= 5.2)
      railties (>= 5.2)
      rspec-core (~> 3.10)
      rspec-expectations (~> 3.10)
      rspec-mocks (~> 3.10)
      rspec-support (~> 3.10)
    rspec-support (3.13.1)
    rubocop (1.62.1)
      json (~> 2.3)
      language_server-protocol (>= 3.17.0)
      parallel (~> 1.10)
      parser (>= 3.3.0.2)
      rainbow (>= 2.2.2, < 4.0)
      regexp_parser (>= 1.8, < 3.0)
      rexml (>= 3.2.5, < 4.0)
      rubocop-ast (>= 1.31.1, < 2.0)
      ruby-progressbar (~> 1.7)
      unicode-display_width (>= 2.4.0, < 3.0)
    rubocop-ast (1.31.3)
      parser (>= 3.3.1.0)
    rubocop-capybara (2.20.0)
      rubocop (~> 1.41)
    rubocop-factory_bot (2.25.1)
      rubocop (~> 1.41)
    rubocop-minitest (0.35.0)
      rubocop (>= 1.61, < 2.0)
      rubocop-ast (>= 1.31.1, < 2.0)
    rubocop-performance (1.20.2)
      rubocop (>= 1.48.1, < 2.0)
      rubocop-ast (>= 1.30.0, < 2.0)
    rubocop-rails (2.24.1)
      activesupport (>= 4.2.0)
      rack (>= 1.1)
      rubocop (>= 1.33.0, < 2.0)
      rubocop-ast (>= 1.31.1, < 2.0)
    rubocop-rails-omakase (1.0.0)
      rubocop
      rubocop-minitest
      rubocop-performance
      rubocop-rails
    rubocop-rspec (2.29.1)
      rubocop (~> 1.40)
      rubocop-capybara (~> 2.17)
      rubocop-factory_bot (~> 2.22)
      rubocop-rspec_rails (~> 2.28)
    rubocop-rspec_rails (2.28.3)
      rubocop (~> 1.40)
    ruby-debug-ide (0.7.3)
      rake (>= 0.8.1)
    ruby-graphviz (1.2.5)
      rexml
    ruby-progressbar (1.13.0)
    secure_headers (6.5.0)
    sidekiq (6.5.12)
      connection_pool (>= 2.2.5, < 3)
      rack (~> 2.0)
      redis (>= 4.5.0, < 5)
    smart_properties (1.17.0)
    sprockets (4.2.1)
      concurrent-ruby (~> 1.0)
      rack (>= 2.2.4, < 4)
    sprockets-rails (3.4.2)
      actionpack (>= 5.2)
      activesupport (>= 5.2)
      sprockets (>= 3.0.0)
    standard (1.35.1)
      language_server-protocol (~> 3.17.0.2)
      lint_roller (~> 1.0)
      rubocop (~> 1.62.0)
      standard-custom (~> 1.0.0)
      standard-performance (~> 1.3)
    standard-custom (1.0.2)
      lint_roller (~> 1.0)
      rubocop (~> 1.50)
    standard-performance (1.3.1)
      lint_roller (~> 1.1)
      rubocop-performance (~> 1.20.2)
    stimulus-rails (1.3.3)
      railties (>= 6.0.0)
    stringio (3.1.0)
    terminal-table (3.0.2)
      unicode-display_width (>= 1.1.1, < 3)
    thor (1.3.1)
    timeout (0.4.1)
    turbo-rails (2.0.5)
      actionpack (>= 6.0.0)
      activejob (>= 6.0.0)
      railties (>= 6.0.0)
    tzinfo (2.0.6)
      concurrent-ruby (~> 1.0)
    unicode-display_width (2.5.0)
    web-console (4.2.1)
      actionview (>= 6.0.0)
      activemodel (>= 6.0.0)
      bindex (>= 0.4.0)
      railties (>= 6.0.0)
    websocket-driver (0.7.6)
      websocket-extensions (>= 0.1.0)
    websocket-extensions (0.1.5)
    zeitwerk (2.6.13)

PLATFORMS
  arm64-darwin-23
  x86_64-linux

DEPENDENCIES
  bootsnap
  brakeman (~> 5.2)
  bundler-audit (~> 0.9)
  climate_control (~> 1.0)
  cssbundling-rails
  debase (= 0.2.5.beta2)
  debase-ruby_core_source
  debug
  dotenv-rails (~> 2.7)
  i18n-tasks (~> 1.0)
  jbuilder
  jsbundling-rails
  newrelic_rpm (~> 8.4)
  pg (~> 1.1)
  puma (~> 5.0)
  rails (~> 7.0.8, >= 7.0.8.1)
  rails-erd (~> 1.7)
  redis (~> 4.0)
  rspec-rails (~> 5.1)
  rubocop
  rubocop-rails-omakase
  rubocop-rspec
  ruby-debug-ide
  secure_headers (~> 6.3)
  sidekiq (~> 6.4)
  sprockets-rails
  standard (~> 1.7)
  stimulus-rails
  turbo-rails
  tzinfo-data
  web-console

RUBY VERSION
   ruby 3.1.0p0

BUNDLED WITH
   2.3.26
